GEM
  remote: http://rubygems.org/
  specs:
    grocer (0.0.13)

PLATFORMS
  ruby

DEPENDENCIES
  grocer
